GEM
  remote: https://rubygems.org/
  specs:
    daemons (1.1.9)
    eventmachine (0.12.10)
    rack (1.6.4)
    sinatra (1.1.0)
      rack (~> 1.1)
      tilt (~> 1.1)
    thin (1.4.1)
      daemons (>= 1.0.9)
      eventmachine (>= 0.12.6)
      rack (>= 1.0.0)
    tilt (1.4.1)

PLATFORMS
  ruby

DEPENDENCIES
  sinatra
  thin

RUBY VERSION
   ruby 2.0.0p481

BUNDLED WITH
   1.13.6
